GEM
  remote: https://rubygems.org/
  specs:
    jekyll-theme-prologue (0.3.3)

PLATFORMS
  ruby

DEPENDENCIES
  jekyll-theme-prologue

BUNDLED WITH
   1.16.4
